PATH
  remote: .
  specs:
    nanoc-tilt (0.1)
      nanoc
      tilt

GEM
  remote: http://rubygems.org/
  specs:
    cri (1.0.1)
    nanoc (3.1.8)
      nanoc3 (>= 3.1.8)
    nanoc3 (3.1.8)
      cri (~> 1.0)
    tilt (1.3.2)

PLATFORMS
  ruby

DEPENDENCIES
  nanoc-tilt!
